PATH
  remote: .
  specs:
    nebrija (0.0.4)
      nokogiri
      typhoeus

GEM
  remote: https://rubygems.org/
  specs:
    ethon (0.7.1)
      ffi (>= 1.3.0)
    ffi (1.9.3)
    mini_portile (0.6.0)
    minitest (5.4.0)
    nokogiri (1.6.2.1)
      mini_portile (= 0.6.0)
    rake (10.3.2)
    typhoeus (0.6.9)
      ethon (>= 0.7.1)

PLATFORMS
  ruby

DEPENDENCIES
  minitest (~> 5)
  nebrija!
  rake
